GEM
  remote: https://rubygems.org/
  specs:
    domain_name (0.5.23)
      unf (>= 0.0.5, < 1.0.0)
    http-cookie (1.0.2)
      domain_name (~> 0.5)
    mime-types (2.4.3)
    mini_portile2 (2.0.0)
    netrc (0.10.3)
    nokogiri (1.6.7.1)
      mini_portile2 (~> 2.0.0.rc2)
    rest-client (1.8.0)
      http-cookie (>= 1.0.2, < 2.0)
      mime-types (>= 1.16, < 3.0)
      netrc (~> 0.7)
    sqlite3 (1.3.10)
    unf (0.1.4)
      unf_ext
    unf_ext (0.0.6)

PLATFORMS
  ruby

DEPENDENCIES
  nokogiri
  rest-client
  sqlite3

BUNDLED WITH
   1.10.3
